PATH
  remote: .
  specs:
    history-client (1.0.3)
      faraday (= 0.9.0)
      faraday-detailed_logger (= 2.1.0)
      faraday_middleware (~> 0.9.1)
      oj (>= 2.14.4)
      uuidtools (= 2.1.5)

GEM
  remote: https://rubygems.org/
  specs:
    ast (2.4.0)
    aws-eventstream (1.0.3)
    aws-sdk (2.11.338)
      aws-sdk-resources (= 2.11.338)
    aws-sdk-core (2.11.338)
      aws-sigv4 (~> 1.0)
      jmespath (~> 1.0)
    aws-sdk-resources (2.11.338)
      aws-sdk-core (= 2.11.338)
    aws-sigv4 (1.1.0)
      aws-eventstream (~> 1.0, >= 1.0.2)
    codecov (0.1.14)
      json
      simplecov
      url
    diff-lcs (1.3)
    docile (1.3.2)
    faraday (0.9.0)
      multipart-post (>= 1.2, < 3)
    faraday-detailed_logger (2.1.0)
      faraday
    faraday_middleware (0.9.2)
      faraday (>= 0.7.4, < 0.10)
    faraday_middleware-aws-signers-v4 (0.1.5)
      aws-sdk (~> 2.1)
      faraday (~> 0.9)
    jaro_winkler (1.5.3)
    jmespath (1.4.0)
    json (2.2.0)
    multipart-post (2.1.1)
    oj (3.9.0)
    parallel (1.17.0)
    parser (2.6.3.0)
      ast (~> 2.4.0)
    rainbow (3.0.0)
    rake (10.5.0)
    rspec (3.8.0)
      rspec-core (~> 3.8.0)
      rspec-expectations (~> 3.8.0)
      rspec-mocks (~> 3.8.0)
    rspec-core (3.8.2)
      rspec-support (~> 3.8.0)
    rspec-expectations (3.8.4)
      diff-lcs (>= 1.2.0, < 2.0)
      rspec-support (~> 3.8.0)
    rspec-mocks (3.8.1)
      diff-lcs (>= 1.2.0, < 2.0)
      rspec-support (~> 3.8.0)
    rspec-support (3.8.2)
    rubocop (0.74.0)
      jaro_winkler (~> 1.5.1)
      parallel (~> 1.10)
      parser (>= 2.6)
      rainbow (>= 2.2.2, < 4.0)
      ruby-progressbar (~> 1.7)
      unicode-display_width (>= 1.4.0, < 1.7)
    ruby-progressbar (1.10.1)
    simplecov (0.17.0)
      docile (~> 1.1)
      json (>= 1.8, < 3)
      simplecov-html (~> 0.10.0)
    simplecov-html (0.10.2)
    unicode-display_width (1.6.0)
    url (0.3.2)
    uuidtools (2.1.5)

PLATFORMS
  ruby

DEPENDENCIES
  bundler (~> 1.16.1)
  codecov
  faraday (= 0.9.0)
  faraday-detailed_logger (= 2.1.0)
  faraday_middleware (~> 0.9.1)
  faraday_middleware-aws-signers-v4 (= 0.1.5)
  history-client!
  oj (>= 2.14.4)
  rake (~> 10.0)
  rspec
  rubocop
  simplecov
  uuidtools (= 2.1.5)

BUNDLED WITH
   1.16.1
